GEM
  remote: https://rubygems.org/
  specs:
    coderay (1.1.1)
    method_source (0.8.2)
    minitest (5.10.1)
    minitest-color (0.0.2)
      minitest (~> 5)
    pry (0.10.4)
      coderay (~> 1.1.0)
      method_source (~> 0.8.1)
      slop (~> 3.4)
    rake (10.5.0)
    slop (3.6.0)

PLATFORMS
  ruby

DEPENDENCIES
  bundler (~> 1.11)
  minitest (~> 5.0)
  minitest-color
  pry
  rake (~> 10.0)

RUBY VERSION
   ruby 2.4.0p0

BUNDLED WITH
   1.14.6
